GEM
  remote: https://rubygems.org/
  specs:
    chunky_png (1.3.8)
    glu (8.2.2)
    glut (8.2.2)
    opengl (0.9.2)
    sounder (0.0.1)
    wavefront (0.1.2)

PLATFORMS
  ruby

DEPENDENCIES
  chunky_png
  glu
  glut
  opengl
  sounder (= 0.0.1)
  wavefront

BUNDLED WITH
   1.15.1
